GEM
  remote: https://rubygems.org/
  specs:
    activesupport (6.1.4.4)
      concurrent-ruby (~> 1.0, >= 1.0.2)
      i18n (>= 1.6, < 2)
      minitest (>= 5.1)
      tzinfo (~> 2.0)
      zeitwerk (~> 2.3)
    addressable (2.8.0)
      public_suffix (>= 2.0.2, < 5.0)
    ast (2.4.2)
    aws-eventstream (1.2.0)
    aws-partitions (1.550.0)
    aws-sdk-core (3.125.5)
      aws-eventstream (~> 1, >= 1.0.2)
      aws-partitions (~> 1, >= 1.525.0)
      aws-sigv4 (~> 1.1)
      jmespath (~> 1.0)
    aws-sdk-guardduty (1.54.0)
      aws-sdk-core (~> 3, >= 3.125.0)
      aws-sigv4 (~> 1.1)
    aws-sdk-inspector (1.41.0)
      aws-sdk-core (~> 3, >= 3.125.0)
      aws-sigv4 (~> 1.1)
    aws-sigv4 (1.4.0)
      aws-eventstream (~> 1, >= 1.0.2)
    backport (1.2.0)
    benchmark (0.2.0)
    byebug (11.1.3)
    coderay (1.1.3)
    concurrent-ruby (1.1.9)
    crass (1.0.6)
    diff-lcs (1.5.0)
    domain_name (0.5.20190701)
      unf (>= 0.0.5, < 1.0.0)
    e2mmap (0.1.0)
    http-accept (1.7.0)
    http-cookie (1.0.4)
      domain_name (~> 0.5)
    httparty (0.20.0)
      mime-types (~> 3.0)
      multi_xml (>= 0.5.2)
    i18n (1.9.1)
      concurrent-ruby (~> 1.0)
    jaro_winkler (1.5.4)
    jmespath (1.5.0)
    json (2.6.1)
    json-write-stream (2.0.0)
      json_pure (~> 1.8.0)
    json_pure (1.8.6)
    kramdown (2.3.1)
      rexml
    kramdown-parser-gfm (1.1.0)
      kramdown (~> 2.0)
    method_source (1.0.0)
    mime-types (3.4.1)
      mime-types-data (~> 3.2015)
    mime-types-data (3.2022.0105)
    minitest (5.15.0)
    multi_xml (0.6.0)
    netrc (0.11.0)
    nokogiri (1.13.4-arm64-darwin)
      racc (~> 1.4)
    nokogiri (1.13.4-x86_64-darwin)
      racc (~> 1.4)
    nokogiri (1.13.4-x86_64-linux)
      racc (~> 1.4)
    parallel (1.21.0)
    parser (3.1.0.0)
      ast (~> 2.4.1)
    pry (0.14.1)
      coderay (~> 1.1)
      method_source (~> 1.0)
    pry-byebug (3.8.0)
      byebug (~> 11.0)
      pry (~> 0.10)
    public_suffix (4.0.6)
    racc (1.6.0)
    rack (2.2.3)
    rainbow (3.1.1)
    regexp_parser (2.2.0)
    rest-client (2.1.0)
      http-accept (>= 1.7.0, < 2.0)
      http-cookie (>= 1.0.2, < 2.0)
      mime-types (>= 1.16, < 4.0)
      netrc (~> 0.8)
    reverse_markdown (2.1.1)
      nokogiri
    rexml (3.2.5)
    rspec (3.10.0)
      rspec-core (~> 3.10.0)
      rspec-expectations (~> 3.10.0)
      rspec-mocks (~> 3.10.0)
    rspec-core (3.10.2)
      rspec-support (~> 3.10.0)
    rspec-expectations (3.10.2)
      diff-lcs (>= 1.2.0, < 2.0)
      rspec-support (~> 3.10.0)
    rspec-mocks (3.10.2)
      diff-lcs (>= 1.2.0, < 2.0)
      rspec-support (~> 3.10.0)
    rspec-support (3.10.3)
    rubocop (1.25.0)
      parallel (~> 1.10)
      parser (>= 3.1.0.0)
      rainbow (>= 2.2.2, < 4.0)
      regexp_parser (>= 1.8, < 3.0)
      rexml
      rubocop-ast (>= 1.15.1, < 2.0)
      ruby-progressbar (~> 1.7)
      unicode-display_width (>= 1.4.0, < 3.0)
    rubocop-ast (1.15.1)
      parser (>= 3.0.1.1)
    rubocop-github (0.17.0)
      rubocop
      rubocop-performance
      rubocop-rails
    rubocop-performance (1.13.2)
      rubocop (>= 1.7.0, < 2.0)
      rubocop-ast (>= 0.4.0)
    rubocop-rails (2.13.2)
      activesupport (>= 4.2.0)
      rack (>= 1.1)
      rubocop (>= 1.7.0, < 2.0)
    ruby-progressbar (1.11.0)
    sanitize (6.0.0)
      crass (~> 1.0.2)
      nokogiri (>= 1.12.0)
    solargraph (0.44.3)
      backport (~> 1.2)
      benchmark
      bundler (>= 1.17.2)
      diff-lcs (~> 1.4)
      e2mmap
      jaro_winkler (~> 1.5)
      kramdown (~> 2.3)
      kramdown-parser-gfm (~> 1.1)
      parser (~> 3.0)
      reverse_markdown (>= 1.0.5, < 3)
      rubocop (>= 0.52)
      thor (~> 1.0)
      tilt (~> 2.0)
      yard (~> 0.9, >= 0.9.24)
    strings (0.2.1)
      strings-ansi (~> 0.2)
      unicode-display_width (>= 1.5, < 3.0)
      unicode_utils (~> 1.4)
    strings-ansi (0.2.0)
    thor (1.2.1)
    tilt (2.0.10)
    timecop (0.9.4)
    tty-pager (0.14.0)
      strings (~> 0.2.0)
      tty-screen (~> 0.8)
    tty-screen (0.8.1)
    tzinfo (2.0.4)
      concurrent-ruby (~> 1.0)
    unf (0.1.4)
      unf_ext
    unf_ext (0.0.8)
    unicode-display_width (2.1.0)
    unicode_utils (1.4.0)
    webrick (1.7.0)
    yard (0.9.27)
      webrick (~> 1.7.0)
    zeitwerk (2.5.4)

PLATFORMS
  universal-darwin-21
  x86_64-darwin-20
  x86_64-linux

DEPENDENCIES
  activesupport
  addressable
  aws-sdk-guardduty
  aws-sdk-inspector
  httparty
  json
  json-write-stream
  pry
  pry-byebug
  rest-client
  rexml (>= 3.2.5)
  rspec
  rubocop (~> 1.25)
  rubocop-github (~> 0.17)
  rubocop-performance
  rubocop-rails
  sanitize
  solargraph
  timecop
  tty-pager

BUNDLED WITH
   2.2.27
